PATH
  remote: .
  specs:
    wzbxpy.github.io (0.1.0)

GEM
  remote: https://rubygems.org/
  specs:

PLATFORMS
  ruby

DEPENDENCIES
  wzbxpy.github.io!

BUNDLED WITH
   1.17.2
